GEM
  specs:
    bourbon (3.1.7)
      sass (>= 3.2.0)
      thor
    bower (0.0.2)
    sass (3.2.12)
    thor (0.18.1)

PLATFORMS
  ruby

DEPENDENCIES
  bourbon
  bower
  sass
